GEM
  remote: https://rubygems.org/
  specs:
    actioncable (6.0.6)
      actionpack (= 6.0.6)
      nio4r (~> 2.0)
      websocket-driver (>= 0.6.1)
    actionmailbox (6.0.6)
      actionpack (= 6.0.6)
      activejob (= 6.0.6)
      activerecord (= 6.0.6)
      activestorage (= 6.0.6)
      activesupport (= 6.0.6)
      mail (>= 2.7.1)
    actionmailer (6.0.6)
      actionpack (= 6.0.6)
      actionview (= 6.0.6)
      activejob (= 6.0.6)
      mail (~> 2.5, >= 2.5.4)
      rails-dom-testing (~> 2.0)
    actionpack (6.0.6)
      actionview (= 6.0.6)
      activesupport (= 6.0.6)
      rack (~> 2.0, >= 2.0.8)
      rack-test (>= 0.6.3)
      rails-dom-testing (~> 2.0)
      rails-html-sanitizer (~> 1.0, >= 1.2.0)
    actiontext (6.0.6)
      actionpack (= 6.0.6)
      activerecord (= 6.0.6)
      activestorage (= 6.0.6)
      activesupport (= 6.0.6)
      nokogiri (>= 1.8.5)
    actionview (6.0.6)
      activesupport (= 6.0.6)
      builder (~> 3.1)
      erubi (~> 1.4)
      rails-dom-testing (~> 2.0)
      rails-html-sanitizer (~> 1.1, >= 1.2.0)
    activejob (6.0.6)
      activesupport (= 6.0.6)
      globalid (>= 0.3.6)
    activemodel (6.0.6)
      activesupport (= 6.0.6)
    activerecord (6.0.6)
      activemodel (= 6.0.6)
      activesupport (= 6.0.6)
    activestorage (6.0.6)
      actionpack (= 6.0.6)
      activejob (= 6.0.6)
      activerecord (= 6.0.6)
      marcel (~> 1.0)
    activesupport (6.0.6)
      concurrent-ruby (~> 1.0, >= 1.0.2)
      i18n (>= 0.7, < 2)
      minitest (~> 5.1)
      tzinfo (~> 1.1)
      zeitwerk (~> 2.2, >= 2.2.2)
    addressable (2.8.1)
      public_suffix (>= 2.0.2, < 6.0)
    bootsnap (1.13.0)
      msgpack (~> 1.2)
    builder (3.2.4)
    byebug (11.1.3)
    capybara (3.37.1)
      addressable
      matrix
      mini_mime (>= 0.1.3)
      nokogiri (~> 1.8)
      rack (>= 1.6.0)
      rack-test (>= 0.6.3)
      regexp_parser (>= 1.5, < 3.0)
      xpath (~> 3.2)
    childprocess (4.1.0)
    coderay (1.1.3)
    concurrent-ruby (1.1.10)
    connection_pool (2.3.0)
    crack (0.4.5)
      rexml
    crass (1.0.6)
    diff-lcs (1.5.0)
    docile (1.4.0)
    erubi (1.11.0)
    factory_bot (6.2.1)
      activesupport (>= 5.0.0)
    factory_bot_rails (6.2.0)
      factory_bot (~> 6.2.0)
      railties (>= 5.0.0)
    faker (2.23.0)
      i18n (>= 1.8.11, < 2)
    faraday (2.6.0)
      faraday-net_http (>= 2.0, < 3.1)
      ruby2_keywords (>= 0.0.4)
    faraday-net_http (3.0.1)
    ffi (1.15.5)
    figaro (1.2.0)
      thor (>= 0.14.0, < 2)
    globalid (1.0.0)
      activesupport (>= 5.0)
    graphiql-rails (1.8.0)
      railties
      sprockets-rails
    graphql (1.12.24)
    hashdiff (1.0.1)
    i18n (1.12.0)
      concurrent-ruby (~> 1.0)
    listen (3.1.5)
      rb-fsevent (~> 0.9, >= 0.9.4)
      rb-inotify (~> 0.9, >= 0.9.7)
      ruby_dep (~> 1.2)
    loofah (2.19.0)
      crass (~> 1.0.2)
      nokogiri (>= 1.5.9)
    mail (2.7.1)
      mini_mime (>= 0.1.1)
    marcel (1.0.2)
    matrix (0.4.2)
    method_source (1.0.0)
    mini_mime (1.1.2)
    mini_portile2 (2.8.0)
    minitest (5.16.3)
    msgpack (1.6.0)
    mustermann (3.0.0)
      ruby2_keywords (~> 0.0.1)
    nio4r (2.5.8)
    nokogiri (1.13.8)
      mini_portile2 (~> 2.8.0)
      racc (~> 1.4)
    pg (1.4.6)
    pry (0.14.1)
      coderay (~> 1.1)
      method_source (~> 1.0)
    public_suffix (5.0.0)
    puma (5.6.5)
      nio4r (~> 2.0)
    racc (1.6.0)
    rack (2.2.4)
    rack-cors (1.1.1)
      rack (>= 2.0.0)
    rack-protection (3.0.2)
      rack
    rack-test (2.0.2)
      rack (>= 1.3)
    rails (6.0.6)
      actioncable (= 6.0.6)
      actionmailbox (= 6.0.6)
      actionmailer (= 6.0.6)
      actionpack (= 6.0.6)
      actiontext (= 6.0.6)
      actionview (= 6.0.6)
      activejob (= 6.0.6)
      activemodel (= 6.0.6)
      activerecord (= 6.0.6)
      activestorage (= 6.0.6)
      activesupport (= 6.0.6)
      bundler (>= 1.3.0)
      railties (= 6.0.6)
      sprockets-rails (>= 2.0.0)
    rails-dom-testing (2.0.3)
      activesupport (>= 4.2.0)
      nokogiri (>= 1.6)
    rails-html-sanitizer (1.4.3)
      loofah (~> 2.3)
    railties (6.0.6)
      actionpack (= 6.0.6)
      activesupport (= 6.0.6)
      method_source
      rake (>= 0.8.7)
      thor (>= 0.20.3, < 2.0)
    rake (13.0.6)
    rb-fsevent (0.11.2)
    rb-inotify (0.10.1)
      ffi (~> 1.0)
    redis (3.3.5)
    regexp_parser (2.6.0)
    rexml (3.2.5)
    rspec-core (3.11.0)
      rspec-support (~> 3.11.0)
    rspec-expectations (3.11.1)
      diff-lcs (>= 1.2.0, < 2.0)
      rspec-support (~> 3.11.0)
    rspec-mocks (3.11.1)
      diff-lcs (>= 1.2.0, < 2.0)
      rspec-support (~> 3.11.0)
    rspec-rails (5.1.2)
      actionpack (>= 5.2)
      activesupport (>= 5.2)
      railties (>= 5.2)
      rspec-core (~> 3.10)
      rspec-expectations (~> 3.10)
      rspec-mocks (~> 3.10)
      rspec-support (~> 3.10)
    rspec-support (3.11.1)
    ruby2_keywords (0.0.5)
    ruby_dep (1.5.0)
    ruby_http_client (3.5.5)
    rubyzip (2.3.2)
    search_object (1.2.5)
    search_object_graphql (0.3.1)
      graphql (~> 1.8)
      search_object (~> 1.2.2)
    selenium-webdriver (4.5.0)
      childprocess (>= 0.5, < 5.0)
      rexml (~> 3.2, >= 3.2.5)
      rubyzip (>= 1.2.2, < 3.0)
      websocket (~> 1.0)
    sendgrid-ruby (6.6.2)
      ruby_http_client (~> 3.4)
    shoulda-matchers (5.2.0)
      activesupport (>= 5.2.0)
    sidekiq (4.2.10)
      concurrent-ruby (~> 1.0)
      connection_pool (~> 2.2, >= 2.2.0)
      rack-protection (>= 1.5.0)
      redis (~> 3.2, >= 3.2.1)
    simplecov (0.21.2)
      docile (~> 1.1)
      simplecov-html (~> 0.11)
      simplecov_json_formatter (~> 0.1)
    simplecov-html (0.12.3)
    simplecov_json_formatter (0.1.4)
    sinatra (3.0.2)
      mustermann (~> 3.0)
      rack (~> 2.2, >= 2.2.4)
      rack-protection (= 3.0.2)
      tilt (~> 2.0)
    skylight (5.3.3)
      activesupport (>= 5.2.0)
    sprockets (3.7.2)
      concurrent-ruby (~> 1.0)
      rack (> 1, < 3)
    sprockets-rails (3.4.2)
      actionpack (>= 5.2)
      activesupport (>= 5.2)
      sprockets (>= 3.0.0)
    thor (1.2.1)
    thread_safe (0.3.6)
    tilt (2.0.11)
    tzinfo (1.2.10)
      thread_safe (~> 0.1)
    vcr (6.1.0)
    webdrivers (5.2.0)
      nokogiri (~> 1.6)
      rubyzip (>= 1.3.0)
      selenium-webdriver (~> 4.0)
    webmock (3.18.1)
      addressable (>= 2.8.0)
      crack (>= 0.3.2)
      hashdiff (>= 0.4.0, < 2.0.0)
    websocket (1.2.9)
    websocket-driver (0.7.5)
      websocket-extensions (>= 0.1.0)
    websocket-extensions (0.1.5)
    xpath (3.2.0)
      nokogiri (~> 1.8)
    zeitwerk (2.6.1)

PLATFORMS
  ruby

DEPENDENCIES
  bootsnap (>= 1.4.2)
  byebug
  capybara
  factory_bot_rails
  faker
  faraday
  ffi (~> 1.15.5)
  figaro
  graphiql-rails
  graphql (~> 1.12.4)
  listen (>= 3.0.5, < 3.2)
  pg (~> 1.1)
  pry
  puma (>= 4.3.3)
  rack-cors
  rails (~> 6.0.2, >= 6.0.2.1)
  rspec-rails
  search_object_graphql (= 0.3.1)
  selenium-webdriver
  sendgrid-ruby
  shoulda-matchers
  sidekiq (~> 4.2.10)
  simplecov
  sinatra
  skylight
  sprockets (~> 3)
  tzinfo-data
  vcr
  webdrivers
  webmock

RUBY VERSION
   ruby 2.7.4p191

BUNDLED WITH
   2.1.4
